GEM
  specs:
    meta_tools (0.1.0)
    minitest (2.1.0)

PLATFORMS
  x86-mingw32

DEPENDENCIES
  meta_tools
  minitest
