GEM
  specs:
    riot (0.12.3)
      rr
    rr (1.0.2)

PLATFORMS
  x86-mingw32

DEPENDENCIES
  riot
